GEM
  remote: https://rubygems.org/
  specs:
    aws-sdk-v1 (1.66.0)
      json (~> 1.4)
      nokogiri (>= 1.4.4)
    dotenv (2.7.6)
    json (1.8.6)
    mini_portile2 (2.6.1)
    nokogiri (1.12.5)
      mini_portile2 (~> 2.6.1)
      racc (~> 1.4)
    racc (1.5.2)

PLATFORMS
  ruby

DEPENDENCIES
  aws-sdk-v1 (= 1.66.0)
  dotenv

BUNDLED WITH
   1.17.2
